GEM
  remote: https://rubygems.org/
  specs:
    addressable (2.8.1)
      public_suffix (>= 2.0.2, < 6.0)
    dotenv (2.8.1)
    excon (0.99.0)
    faraday (2.7.4)
      faraday-net_http (>= 2.0, < 3.1)
      ruby2_keywords (>= 0.0.4)
    faraday-net_http (3.0.2)
    json (2.6.3)
    licensed (4.3.0)
      json (~> 2.6)
      licensee (~> 9.16)
      parallel (~> 1.22)
      pathname-common_prefix (~> 0.0.1)
      reverse_markdown (~> 2.1)
      ruby-xxHash (~> 0.4.0)
      thor (~> 1.2)
      tomlrb (~> 2.0)
    licensee (9.16.0)
      dotenv (~> 2.0)
      octokit (>= 4.20, < 7.0)
      reverse_markdown (>= 1, < 3)
      rugged (>= 0.24, < 2.0)
      thor (>= 0.19, < 2.0)
    mini_portile2 (2.8.2)
    nokogiri (1.14.4)
      mini_portile2 (~> 2.8.0)
      racc (~> 1.4)
    nokogiri (1.14.4-x86_64-linux)
      racc (~> 1.4)
    octokit (6.1.0)
      faraday (>= 1, < 3)
      sawyer (~> 0.9)
    parallel (1.22.1)
    pathname-common_prefix (0.0.1)
    public_suffix (5.0.1)
    racc (1.6.2)
    reverse_markdown (2.1.1)
      nokogiri
    ruby-xxHash (0.4.0.2)
    ruby2_keywords (0.0.5)
    rugged (1.6.2)
    sawyer (0.9.2)
      addressable (>= 2.3.5)
      faraday (>= 0.17.3, < 3)
    thor (1.2.1)
    tomlrb (2.0.3)

PLATFORMS
  ruby
  x86_64-linux

DEPENDENCIES
  excon (= 0.99.0)
  licensed (= 4.3.0)

BUNDLED WITH
   1.17.3
