GEM
  remote: https://rubygems.org/
  specs:
    addressable (2.8.0)
      public_suffix (>= 2.0.2, < 5.0)
    dotenv (2.7.6)
    excon (0.75.0)
    faraday (2.3.0)
      faraday-net_http (~> 2.0)
      ruby2_keywords (>= 0.0.4)
    faraday-net_http (2.0.3)
    licensed (3.7.2)
      bundler (>= 1.10)
      licensee (>= 9.15.2, < 10.0.0)
      parallel (>= 0.18.0)
      pathname-common_prefix (~> 0.0.1)
      reverse_markdown (>= 1, < 3)
      ruby-xxHash (~> 0.4)
      thor (>= 0.19)
      tomlrb (>= 1.2, < 3.0)
    licensee (9.15.2)
      dotenv (~> 2.0)
      octokit (~> 4.20)
      reverse_markdown (~> 1.0)
      rugged (>= 0.24, < 2.0)
      thor (>= 0.19, < 2.0)
    mini_portile2 (2.8.0)
    nokogiri (1.13.6)
      mini_portile2 (~> 2.8.0)
      racc (~> 1.4)
    nokogiri (1.13.6-x86_64-linux)
      racc (~> 1.4)
    octokit (4.23.0)
      faraday (>= 1, < 3)
      sawyer (~> 0.9)
    parallel (1.22.1)
    pathname-common_prefix (0.0.1)
    public_suffix (4.0.7)
    racc (1.6.0)
    reverse_markdown (1.4.0)
      nokogiri
    ruby-xxHash (0.4.0.2)
    ruby2_keywords (0.0.5)
    rugged (1.4.3)
    sawyer (0.9.1)
      addressable (>= 2.3.5)
      faraday (>= 0.17.3, < 3)
    thor (1.2.1)
    tomlrb (2.0.3)

PLATFORMS
  ruby
  x86_64-linux

DEPENDENCIES
  excon (= 0.75.0)
  licensed (= 3.7.2)

BUNDLED WITH
   1.17.3
